GEM
  remote: https://rubygems.org/
  specs:
    audite (0.4.0)
    byebug (9.1.0)
    colorize (0.7.3)
    diff-lcs (1.3)
    rake (12.3.3)
    rspec (3.8.0)
      rspec-core (~> 3.8.0)
      rspec-expectations (~> 3.8.0)
      rspec-mocks (~> 3.8.0)
    rspec-core (3.8.2)
      rspec-support (~> 3.8.0)
    rspec-expectations (3.8.3)
      diff-lcs (>= 1.2.0, < 2.0)
      rspec-support (~> 3.8.0)
    rspec-mocks (3.8.0)
      diff-lcs (>= 1.2.0, < 2.0)
      rspec-support (~> 3.8.0)
    rspec-support (3.8.2)
    symbolized (0.0.1)

PLATFORMS
  ruby

DEPENDENCIES
  audite
  byebug
  colorize
  rake
  rspec
  symbolized

BUNDLED WITH
   2.0.1
